GEM
  remote: https://rubygems.org/
  specs:
    base64 (0.1.0)
    concurrent-ruby (1.1.8)
    faker (2.13.0)
      i18n (>= 1.6, < 2)
    healthcare_phony (0.5.1)
      faker (~> 2.13.0)
      psych (~> 3.1.0)
      regexp-examples (~> 1.5.1)
    i18n (1.8.8)
      concurrent-ruby (~> 1.0)
    json (2.5.1)
    jwt (2.2.2)
    psych (3.1.0)
    rake (13.0.3)
    regexp-examples (1.5.1)

PLATFORMS
  x86_64-darwin-19
  x86_64-darwin-20

DEPENDENCIES
  base64
  healthcare_phony
  json
  jwt
  rake

BUNDLED WITH
   2.2.7
